GIT
  remote: https://github.com/rom-rb/rom-rails.git
  revision: 795f595be4c2cc1e5a2f3b85fb9af3f745c5a32f
  branch: master
  specs:
    rom-rails (0.0.1)
      railties (>= 3.0, < 5.0)

GIT
  remote: https://github.com/rom-rb/rom.git
  revision: 00767f12639aa3f19dbec81b95200b0f48327da8
  branch: master
  specs:
    rom (0.1.2)
      abstract_type (~> 0.0.7)
      adamantium (~> 0.2)
      addressable (~> 2.3, >= 2.3.3)
      axiom (~> 0.2)
      axiom-optimizer (~> 0.2)
      charlatan (~> 0.1)
      concord (~> 0.1)
      descendants_tracker (~> 0.0.3)

GEM
  remote: https://rubygems.org/
  specs:
    abstract_type (0.0.7)
    actionmailer (4.0.2)
      actionpack (= 4.0.2)
      mail (~> 2.5.4)
    actionpack (4.0.2)
      activesupport (= 4.0.2)
      builder (~> 3.1.0)
      erubis (~> 2.7.0)
      rack (~> 1.5.2)
      rack-test (~> 0.6.2)
    activemodel (4.0.2)
      activesupport (= 4.0.2)
      builder (~> 3.1.0)
    activerecord (4.0.2)
      activemodel (= 4.0.2)
      activerecord-deprecated_finders (~> 1.0.2)
      activesupport (= 4.0.2)
      arel (~> 4.0.0)
    activerecord-deprecated_finders (1.0.3)
    activesupport (4.0.2)
      i18n (~> 0.6, >= 0.6.4)
      minitest (~> 4.2)
      multi_json (~> 1.3)
      thread_safe (~> 0.1)
      tzinfo (~> 0.3.37)
    adamantium (0.2.0)
      ice_nine (~> 0.11.0)
      memoizable (~> 0.4.0)
    addressable (2.3.5)
    arel (4.0.1)
    atomic (1.1.14)
    axiom (0.2.0)
      abstract_type (~> 0.0.7)
      adamantium (~> 0.2.0)
      axiom-types (~> 0.1.0)
      descendants_tracker (~> 0.0.3)
      equalizer (~> 0.0.9)
    axiom-memory-adapter (0.2.0)
      axiom (~> 0.2.0)
      thread_safe (~> 0.1.3)
    axiom-optimizer (0.2.0)
      axiom (~> 0.2.0)
    axiom-types (0.1.0)
      descendants_tracker (~> 0.0.3)
      ice_nine (~> 0.11.0)
      thread_safe (~> 0.1.3)
    builder (3.1.4)
    charlatan (0.1.0)
    concord (0.1.4)
      adamantium (~> 0.1)
      equalizer (~> 0.0.7)
    descendants_tracker (0.0.3)
    diff-lcs (1.2.5)
    equalizer (0.0.9)
    erubis (2.7.0)
    hike (1.2.3)
    i18n (0.6.9)
    ice_nine (0.11.0)
    mail (2.5.4)
      mime-types (~> 1.16)
      treetop (~> 1.4.8)
    memoizable (0.4.0)
      thread_safe (~> 0.1.3)
    mime-types (1.25.1)
    minitest (4.7.5)
    multi_json (1.8.4)
    polyglot (0.3.3)
    rack (1.5.2)
    rack-test (0.6.2)
      rack (>= 1.0)
    rails (4.0.2)
      actionmailer (= 4.0.2)
      actionpack (= 4.0.2)
      activerecord (= 4.0.2)
      activesupport (= 4.0.2)
      bundler (>= 1.3.0, < 2.0)
      railties (= 4.0.2)
      sprockets-rails (~> 2.0.0)
    railties (4.0.2)
      actionpack (= 4.0.2)
      activesupport (= 4.0.2)
      rake (>= 0.8.7)
      thor (>= 0.18.1, < 2.0)
    rake (10.1.1)
    rspec-core (2.14.7)
    rspec-expectations (2.14.4)
      diff-lcs (>= 1.1.3, < 2.0)
    rspec-mocks (2.14.4)
    rspec-rails (2.14.1)
      actionpack (>= 3.0)
      activemodel (>= 3.0)
      activesupport (>= 3.0)
      railties (>= 3.0)
      rspec-core (~> 2.14.0)
      rspec-expectations (~> 2.14.0)
      rspec-mocks (~> 2.14.0)
    sprockets (2.10.1)
      hike (~> 1.2)
      multi_json (~> 1.0)
      rack (~> 1.0)
      tilt (~> 1.1, != 1.3.0)
    sprockets-rails (2.0.1)
      actionpack (>= 3.0)
      activesupport (>= 3.0)
      sprockets (~> 2.8)
    thor (0.18.1)
    thread_safe (0.1.3)
      atomic
    tilt (1.4.1)
    treetop (1.4.15)
      polyglot
      polyglot (>= 0.3.1)
    tzinfo (0.3.38)

PLATFORMS
  ruby

DEPENDENCIES
  axiom-memory-adapter
  rails (= 4.0.2)
  rom!
  rom-rails!
  rspec-rails (~> 2.14)
